GEM
  remote: https://rubygems.org/
  specs:
    httparty (0.17.0)
      mime-types (~> 3.0)
      multi_xml (>= 0.5.2)
    mime-types (3.2.2)
      mime-types-data (~> 3.2015)
    mime-types-data (3.2019.0331)
    multi_xml (0.6.0)
    redis (4.1.1)

PLATFORMS
  ruby

DEPENDENCIES
  httparty
  redis

BUNDLED WITH
   1.16.0
